GEM
  remote: https://rubygems.org/
  specs:
    Ascii85 (2.0.1)
    addressable (2.8.7)
      public_suffix (>= 2.0.2, < 7.0)
    afm (0.2.2)
    baran (0.1.12)
    bigdecimal (3.1.8)
    csv (3.3.0)
    debug (1.9.2)
      irb (~> 1.10)
      reline (>= 0.3.8)
    docx (0.8.0)
      nokogiri (~> 1.13, >= 1.13.0)
      rubyzip (~> 2.0)
    faraday (2.12.1)
      faraday-net_http (>= 2.0, < 3.5)
      json
      logger
    faraday-net_http (3.4.0)
      net-http (>= 0.5.0)
    hashery (2.1.2)
    io-console (0.7.2)
    irb (1.14.1)
      rdoc (>= 4.0.0)
      reline (>= 0.4.2)
    json (2.8.2)
    json-schema (4.3.1)
      addressable (>= 2.8)
    langchainrb (0.19.0)
      baran (~> 0.1.9)
      json-schema (~> 4)
      matrix
      pragmatic_segmenter (~> 0.3.0)
      zeitwerk (~> 2.5)
    logger (1.6.1)
    matrix (0.4.2)
    mini_portile2 (2.8.8)
    net-http (0.5.0)
      uri
    nokogiri (1.16.7)
      mini_portile2 (~> 2.8.2)
      racc (~> 1.4)
    nokogiri (1.16.7-arm64-darwin)
      racc (~> 1.4)
    pdf-reader (2.13.0)
      Ascii85 (>= 1.0, < 3.0, != 2.0.0)
      afm (~> 0.2.1)
      hashery (~> 2.0)
      ruby-rc4
      ttfunk
    pg (1.5.9)
    pgvector (0.3.2)
    pragmatic_segmenter (0.3.24)
    psych (5.2.0)
      stringio
    public_suffix (6.0.1)
    racc (1.8.1)
    rdoc (6.7.0)
      psych (>= 4.0.0)
    reline (0.5.11)
      io-console (~> 0.5)
    ruby-rc4 (0.1.5)
    rubyzip (2.3.2)
    sequel (5.86.0)
      bigdecimal
    stringio (3.1.2)
    ttfunk (1.8.0)
      bigdecimal (~> 3.1)
    uri (1.0.2)
    zeitwerk (2.7.1)

PLATFORMS
  arm64-darwin-23
  ruby

DEPENDENCIES
  csv
  debug
  docx
  faraday
  langchainrb
  matrix
  nokogiri
  pdf-reader
  pg
  pgvector
  sequel

BUNDLED WITH
   2.5.23
